{
    "Modality": "MR",
    "MagneticFieldStrength": 3,
    "ImagingFrequency": 123.222,
    "Manufacturer": "Siemens",
    "ManufacturersModelName": "Skyra",
    "InstitutionName": "University of Oregon",
    "InstitutionalDepartmentName": "LCNI",
    "InstitutionAddress": "Franklin Blvd 1440,Eugene,Oregon,US,97403",
    "DeviceSerialNumber": "45348",
    "StationName": "AWP45348",
    "BodyPartExamined": "BRAIN",
    "PatientPosition": "HFS",
    "ProcedureStepDescription": "bamlab^Zeithamova^AEPET2",
    "SoftwareVersions": "syngo MR E11",
    "MRAcquisitionType": "2D",
    "SeriesDescription": "EXPO2",
    "ProtocolName": "EXPO2",
    "ScanningSequence": "EP",
    "SequenceVariant": "SK\\SS",
    "ScanOptions": "FS",
    "SequenceName": "epfid2d1_104",
    "ImageType": [
        "ORIGINAL",
        "PRIMARY",
        "M",
        "MB",
        "ND",
        "NORM",
        "MOSAIC"
    ],
    "NonlinearGradientCorrection": false,
    "SeriesNumber": 7,
    "AcquisitionTime": "17:49:53.145000",
    "AcquisitionNumber": 1,
    "ImageComments": "Unaliased MB3/PE4",
    "SliceThickness": 2,
    "SpacingBetweenSlices": 2,
    "SAR": 0.103531,
    "EchoTime": 0.025,
    "RepetitionTime": 2,
    "FlipAngle": 90,
    "PartialFourier": 1,
    "BaseResolution": 104,
    "ShimSetting": [
        -5341,
        6882,
        9105,
        317,
        -1666,
        -2306,
        2177,
        920
    ],
    "TxRefAmp": 326.864,
    "PhaseResolution": 1,
    "ReceiveCoilName": "Head_32",
    "ReceiveCoilActiveElements": "HEA;HEP",
    "PulseSequenceDetails": "%CustomerSeq%\\cmrr_mbep2d_bold",
    "WipMemBlock": "ea91e2ca-db1f-4d4e-8bcb-ab98e22cd1b2||Sequence: R016 ve11c/master r/e634e98; Dec 19 2017 11:00:25 by eja",
    "RefLinesPE": 50,
    "CoilCombinationMethod": "Sum of Squares",
    "ConsistencyInfo": "N4_VE11C_LATEST_20160120",
    "MatrixCoilMode": "GRAPPA",
    "MultibandAccelerationFactor": 3,
    "PercentPhaseFOV": 100,
    "PercentSampling": 100,
    "EchoTrainLength": 51,
    "PhaseEncodingSteps": 103,
    "AcquisitionMatrixPE": 104,
    "ReconMatrixPE": 104,
    "BandwidthPerPixelPhaseEncode": 28.703,
    "ParallelReductionFactorInPlane": 2,
    "EffectiveEchoSpacing": 0.000334996,
    "DerivedVendorReportedEchoSpacing": 0.000669992,
    "TotalReadoutTime": 0.0345046,
    "PixelBandwidth": 1780,
    "DwellTime": 2.7e-06,
    "PhaseEncodingDirection": "j-",
    "SliceTiming": [
        0,
        0.9075,
        1.8125,
        0.7425,
        1.6475,
        0.5775,
        1.4825,
        0.4125,
        1.32,
        0.2475,
        1.155,
        0.0825,
        0.99,
        1.895,
        0.825,
        1.73,
        0.66,
        1.565,
        0.495,
        1.4025,
        0.33,
        1.2375,
        0.165,
        1.0725,
        0,
        0.9075,
        1.8125,
        0.7425,
        1.6475,
        0.5775,
        1.4825,
        0.4125,
        1.32,
        0.2475,
        1.155,
        0.0825,
        0.99,
        1.895,
        0.825,
        1.73,
        0.66,
        1.565,
        0.495,
        1.4025,
        0.33,
        1.2375,
        0.165,
        1.0725,
        0,
        0.9075,
        1.8125,
        0.7425,
        1.6475,
        0.5775,
        1.4825,
        0.4125,
        1.32,
        0.2475,
        1.155,
        0.0825,
        0.99,
        1.895,
        0.825,
        1.73,
        0.66,
        1.565,
        0.495,
        1.4025,
        0.33,
        1.2375,
        0.165,
        1.0725
    ],
    "ImageOrientationPatientDICOM": [
        0.997719,
        0.0670901,
        0.00745049,
        -0.0611979,
        0.945583,
        -0.319573
    ],
    "ImageOrientationText": "Tra>Cor(-18.6)>Sag(1.6)",
    "InPlanePhaseEncodingDirectionDICOM": "COL",
    "ConversionSoftware": "dcm2niix",
    "ConversionSoftwareVersion": "v1.0.20220720",
    "Dcm2bidsVersion": "2.1.7",
    "TaskName": "expo"
}