{
    "Modality": "MR",
    "MagneticFieldStrength": 3,
    "ImagingFrequency": 123.218,
    "Manufacturer": "Siemens",
    "ManufacturersModelName": "Skyra",
    "InstitutionName": "University of Oregon",
    "InstitutionalDepartmentName": "LCNI",
    "InstitutionAddress": "Franklin Blvd 1440,Eugene,Oregon,US,97403",
    "DeviceSerialNumber": "45348",
    "StationName": "AWP45348",
    "BodyPartExamined": "BRAIN",
    "PatientPosition": "HFS",
    "ProcedureStepDescription": "bamlab^Zeithamova^AEPET2",
    "SoftwareVersions": "syngo MR E11",
    "MRAcquisitionType": "3D",
    "SeriesDescription": "mprage_p2_ND",
    "ProtocolName": "mprage_p2",
    "ScanningSequence": "GR\\IR",
    "SequenceVariant": "SK\\SP\\MP",
    "ScanOptions": "IR",
    "SequenceName": "*tfl3d1_16ns",
    "ImageType": [
        "ORIGINAL",
        "PRIMARY",
        "M",
        "ND",
        "NORM"
    ],
    "NonlinearGradientCorrection": false,
    "SeriesNumber": 9,
    "AcquisitionTime": "14:53:22.442500",
    "AcquisitionNumber": 1,
    "SliceThickness": 1,
    "SAR": 0.0538426,
    "EchoTime": 0.00343,
    "RepetitionTime": 2.5,
    "SpoilingState": true,
    "InversionTime": 1.1,
    "FlipAngle": 7,
    "PartialFourier": 1,
    "BaseResolution": 256,
    "ShimSetting": [
        -5430,
        6779,
        9043,
        283,
        -1801,
        -2492,
        1738,
        646
    ],
    "TxRefAmp": 339.723,
    "PhaseResolution": 1,
    "ReceiveCoilName": "Head_32",
    "ReceiveCoilActiveElements": "HEA;HEP",
    "PulseSequenceDetails": "%SiemensSeq%\\tfl",
    "RefLinesPE": 32,
    "CoilCombinationMethod": "Adaptive Combine",
    "ConsistencyInfo": "N4_VE11C_LATEST_20160120",
    "MatrixCoilMode": "GRAPPA",
    "PercentPhaseFOV": 100,
    "PercentSampling": 100,
    "PhaseEncodingSteps": 255,
    "AcquisitionMatrixPE": 256,
    "ReconMatrixPE": 256,
    "ParallelReductionFactorInPlane": 2,
    "PixelBandwidth": 190,
    "DwellTime": 1.03e-05,
    "ImageOrientationPatientDICOM": [
        0.0758015,
        0.997123,
        9.69384e-09,
        0.0359335,
        -0.00273166,
        -0.99935
    ],
    "ImageOrientationText": "Sag>Cor(4.3)>Tra(-2.1)",
    "InPlanePhaseEncodingDirectionDICOM": "ROW",
    "ConversionSoftware": "dcm2niix",
    "ConversionSoftwareVersion": "v1.0.20220720",
    "Dcm2bidsVersion": "2.1.7"
}