{
    "Modality": "MR",
    "MagneticFieldStrength": 3,
    "ImagingFrequency": 123.222,
    "Manufacturer": "Siemens",
    "ManufacturersModelName": "Skyra",
    "InstitutionName": "University of Oregon",
    "InstitutionalDepartmentName": "LCNI",
    "InstitutionAddress": "Franklin Blvd 1440,Eugene,Oregon,US,97403",
    "DeviceSerialNumber": "45348",
    "StationName": "AWP45348",
    "BodyPartExamined": "BRAIN",
    "PatientPosition": "HFS",
    "ProcedureStepDescription": "bamlab^Zeithamova^AEPET2",
    "SoftwareVersions": "syngo MR E11",
    "MRAcquisitionType": "2D",
    "SeriesDescription": "EXPO4",
    "ProtocolName": "EXPO4",
    "ScanningSequence": "EP",
    "SequenceVariant": "SK\\SS",
    "ScanOptions": "FS",
    "SequenceName": "epfid2d1_104",
    "ImageType": [
        "ORIGINAL",
        "PRIMARY",
        "M",
        "MB",
        "ND",
        "NORM",
        "MOSAIC"
    ],
    "NonlinearGradientCorrection": false,
    "SeriesNumber": 16,
    "AcquisitionTime": "16:09:11.177500",
    "AcquisitionNumber": 1,
    "ImageComments": "Unaliased MB3/PE4",
    "SliceThickness": 2,
    "SpacingBetweenSlices": 2,
    "SAR": 0.109395,
    "EchoTime": 0.025,
    "RepetitionTime": 2,
    "FlipAngle": 90,
    "PartialFourier": 1,
    "BaseResolution": 104,
    "ShimSetting": [
        -5339,
        6761,
        9103,
        404,
        -1603,
        -2883,
        1615,
        1065
    ],
    "TxRefAmp": 320.746,
    "PhaseResolution": 1,
    "ReceiveCoilName": "Head_32",
    "ReceiveCoilActiveElements": "HEA;HEP",
    "PulseSequenceDetails": "%CustomerSeq%\\cmrr_mbep2d_bold",
    "WipMemBlock": "fe8729c6-d910-43bb-99a5-e3e59b5d3896||Sequence: R016 ve11c/master r/e634e98; Dec 19 2017 11:00:25 by eja",
    "RefLinesPE": 50,
    "CoilCombinationMethod": "Sum of Squares",
    "ConsistencyInfo": "N4_VE11C_LATEST_20160120",
    "MatrixCoilMode": "GRAPPA",
    "MultibandAccelerationFactor": 3,
    "PercentPhaseFOV": 100,
    "PercentSampling": 100,
    "EchoTrainLength": 51,
    "PhaseEncodingSteps": 103,
    "AcquisitionMatrixPE": 104,
    "ReconMatrixPE": 104,
    "BandwidthPerPixelPhaseEncode": 28.703,
    "ParallelReductionFactorInPlane": 2,
    "EffectiveEchoSpacing": 0.000334996,
    "DerivedVendorReportedEchoSpacing": 0.000669992,
    "TotalReadoutTime": 0.0345046,
    "PixelBandwidth": 1780,
    "DwellTime": 2.7e-06,
    "PhaseEncodingDirection": "j-",
    "SliceTiming": [
        0,
        0.9075,
        1.815,
        0.7425,
        1.65,
        0.5775,
        1.485,
        0.4125,
        1.32,
        0.2475,
        1.155,
        0.0825,
        0.99,
        1.8975,
        0.825,
        1.7325,
        0.66,
        1.5675,
        0.495,
        1.4025,
        0.33,
        1.2375,
        0.165,
        1.0725,
        0,
        0.9075,
        1.815,
        0.7425,
        1.65,
        0.5775,
        1.485,
        0.4125,
        1.32,
        0.2475,
        1.155,
        0.0825,
        0.99,
        1.8975,
        0.825,
        1.7325,
        0.66,
        1.5675,
        0.495,
        1.4025,
        0.33,
        1.2375,
        0.165,
        1.0725,
        0,
        0.9075,
        1.815,
        0.7425,
        1.65,
        0.5775,
        1.485,
        0.4125,
        1.32,
        0.2475,
        1.155,
        0.0825,
        0.99,
        1.8975,
        0.825,
        1.7325,
        0.66,
        1.5675,
        0.495,
        1.4025,
        0.33,
        1.2375,
        0.165,
        1.0725
    ],
    "ImageOrientationPatientDICOM": [
        0.999648,
        -0.0207327,
        0.0165719,
        0.0216378,
        0.998171,
        -0.0564448
    ],
    "ImageOrientationText": "Tra>Cor(-3.3)>Sag(0.9)",
    "InPlanePhaseEncodingDirectionDICOM": "COL",
    "ConversionSoftware": "dcm2niix",
    "ConversionSoftwareVersion": "v1.0.20220720",
    "Dcm2bidsVersion": "2.1.7",
    "TaskName": "expo"
}