{
    "Modality": "MR",
    "MagneticFieldStrength": 3,
    "ImagingFrequency": 123.22,
    "Manufacturer": "Siemens",
    "ManufacturersModelName": "Skyra",
    "InstitutionName": "Lewis Building",
    "InstitutionalDepartmentName": "Department",
    "InstitutionAddress": "Franklin Blvd 1440,Eugene,District,US,97403",
    "DeviceSerialNumber": "45348",
    "StationName": "AWP45348",
    "BodyPartExamined": "BRAIN",
    "PatientPosition": "HFS",
    "ProcedureStepDescription": "bamlab^Zeithamova^AEPET2",
    "SoftwareVersions": "syngo MR E11",
    "MRAcquisitionType": "3D",
    "SeriesDescription": "mprage_p2_ND",
    "ProtocolName": "mprage_p2",
    "ScanningSequence": "GR\\IR",
    "SequenceVariant": "SK\\SP\\MP",
    "ScanOptions": "IR",
    "SequenceName": "*tfl3d1_16ns",
    "ImageType": [
        "ORIGINAL",
        "PRIMARY",
        "M",
        "ND",
        "NORM"
    ],
    "NonlinearGradientCorrection": false,
    "SeriesNumber": 8,
    "AcquisitionTime": "19:10:9.432500",
    "AcquisitionNumber": 1,
    "SliceThickness": 1,
    "SAR": 0.0553334,
    "EchoTime": 0.00343,
    "RepetitionTime": 2.5,
    "SpoilingState": true,
    "InversionTime": 1.1,
    "FlipAngle": 7,
    "PartialFourier": 1,
    "BaseResolution": 256,
    "ShimSetting": [
        -5020,
        7427,
        9022,
        316,
        -29,
        -481,
        456,
        -446
    ],
    "TxRefAmp": 350.349,
    "PhaseResolution": 1,
    "ReceiveCoilName": "Head_32",
    "ReceiveCoilActiveElements": "HEA;HEP",
    "PulseSequenceDetails": "%SiemensSeq%\\tfl",
    "RefLinesPE": 32,
    "CoilCombinationMethod": "Adaptive Combine",
    "ConsistencyInfo": "N4_VE11C_LATEST_20160120",
    "MatrixCoilMode": "GRAPPA",
    "PercentPhaseFOV": 100,
    "PercentSampling": 100,
    "PhaseEncodingSteps": 255,
    "AcquisitionMatrixPE": 256,
    "ReconMatrixPE": 256,
    "ParallelReductionFactorInPlane": 2,
    "PixelBandwidth": 190,
    "DwellTime": 1.03e-05,
    "ImageOrientationPatientDICOM": [
        -0.0418033,
        0.999126,
        1.13457e-08,
        0.00933692,
        0.000390667,
        -0.999956
    ],
    "ImageOrientationText": "Sag>Cor(-2.4)>Tra(-0.5)",
    "InPlanePhaseEncodingDirectionDICOM": "ROW",
    "ConversionSoftware": "dcm2niix",
    "ConversionSoftwareVersion": "v1.0.20220720",
    "Dcm2bidsVersion": "2.1.7"
}