{
    "Modality": "MR",
    "MagneticFieldStrength": 3,
    "ImagingFrequency": 123.22,
    "Manufacturer": "Siemens",
    "ManufacturersModelName": "Skyra",
    "InstitutionName": "Lewis Building",
    "InstitutionalDepartmentName": "Department",
    "InstitutionAddress": "Franklin Blvd 1440,Eugene,District,US,97403",
    "DeviceSerialNumber": "45348",
    "StationName": "AWP45348",
    "BodyPartExamined": "BRAIN",
    "PatientPosition": "HFS",
    "ProcedureStepDescription": "bamlab^Zeithamova^AEPET2",
    "SoftwareVersions": "syngo MR E11",
    "MRAcquisitionType": "2D",
    "SeriesDescription": "EXPO1",
    "ProtocolName": "EXPO1",
    "ScanningSequence": "EP",
    "SequenceVariant": "SK\\SS",
    "ScanOptions": "FS",
    "SequenceName": "epfid2d1_104",
    "ImageType": [
        "ORIGINAL",
        "PRIMARY",
        "M",
        "MB",
        "ND",
        "NORM",
        "MOSAIC"
    ],
    "NonlinearGradientCorrection": false,
    "SeriesNumber": 6,
    "AcquisitionTime": "18:59:2.192500",
    "AcquisitionNumber": 1,
    "ImageComments": "Unaliased MB3/PE4",
    "SliceThickness": 2,
    "SpacingBetweenSlices": 2,
    "SAR": 0.103381,
    "EchoTime": 0.025,
    "RepetitionTime": 2,
    "FlipAngle": 90,
    "PartialFourier": 1,
    "BaseResolution": 104,
    "ShimSetting": [
        -5015,
        7433,
        9164,
        665,
        20,
        -298,
        308,
        -429
    ],
    "TxRefAmp": 350.349,
    "PhaseResolution": 1,
    "ReceiveCoilName": "Head_32",
    "ReceiveCoilActiveElements": "HEA;HEP",
    "PulseSequenceDetails": "%CustomerSeq%\\cmrr_mbep2d_bold",
    "WipMemBlock": "45fc390c-118a-4237-80d8-9e587f32b6c7||Sequence: R016 ve11c/master r/e634e98; Dec 19 2017 11:00:25 by eja",
    "RefLinesPE": 50,
    "CoilCombinationMethod": "Sum of Squares",
    "ConsistencyInfo": "N4_VE11C_LATEST_20160120",
    "MatrixCoilMode": "GRAPPA",
    "MultibandAccelerationFactor": 3,
    "PercentPhaseFOV": 100,
    "PercentSampling": 100,
    "EchoTrainLength": 51,
    "PhaseEncodingSteps": 103,
    "AcquisitionMatrixPE": 104,
    "ReconMatrixPE": 104,
    "BandwidthPerPixelPhaseEncode": 28.703,
    "ParallelReductionFactorInPlane": 2,
    "EffectiveEchoSpacing": 0.000334996,
    "DerivedVendorReportedEchoSpacing": 0.000669992,
    "TotalReadoutTime": 0.0345046,
    "PixelBandwidth": 1780,
    "DwellTime": 2.7e-06,
    "PhaseEncodingDirection": "j-",
    "SliceTiming": [
        0,
        0.9075,
        1.815,
        0.7425,
        1.65,
        0.5775,
        1.485,
        0.4125,
        1.32,
        0.2475,
        1.155,
        0.0825,
        0.99,
        1.8975,
        0.825,
        1.7325,
        0.66,
        1.5675,
        0.495,
        1.4025,
        0.33,
        1.2375,
        0.165,
        1.0725,
        0,
        0.9075,
        1.815,
        0.7425,
        1.65,
        0.5775,
        1.485,
        0.4125,
        1.32,
        0.2475,
        1.155,
        0.0825,
        0.99,
        1.8975,
        0.825,
        1.7325,
        0.66,
        1.5675,
        0.495,
        1.4025,
        0.33,
        1.2375,
        0.165,
        1.0725,
        0,
        0.9075,
        1.815,
        0.7425,
        1.65,
        0.5775,
        1.485,
        0.4125,
        1.32,
        0.2475,
        1.155,
        0.0825,
        0.99,
        1.8975,
        0.825,
        1.7325,
        0.66,
        1.5675,
        0.495,
        1.4025,
        0.33,
        1.2375,
        0.165,
        1.0725
    ],
    "ImageOrientationPatientDICOM": [
        0.999096,
        0.0418791,
        0.0073437,
        -0.0392545,
        0.974907,
        -0.219123
    ],
    "ImageOrientationText": "Tra>Cor(-12.6)>Sag(0.9)",
    "InPlanePhaseEncodingDirectionDICOM": "COL",
    "ConversionSoftware": "dcm2niix",
    "ConversionSoftwareVersion": "v1.0.20220720",
    "Dcm2bidsVersion": "2.1.7",
    "TaskName": "expo"
}