{
    "Modality": "MR",
    "MagneticFieldStrength": 3,
    "ImagingFrequency": 123.222,
    "Manufacturer": "Siemens",
    "ManufacturersModelName": "Skyra",
    "InstitutionName": "University of Oregon",
    "InstitutionalDepartmentName": "LCNI",
    "InstitutionAddress": "Franklin Blvd 1440,Eugene,Oregon,US,97403",
    "DeviceSerialNumber": "45348",
    "StationName": "AWP45348",
    "BodyPartExamined": "BRAIN",
    "PatientPosition": "HFS",
    "ProcedureStepDescription": "bamlab^Zeithamova^AEPET2",
    "SoftwareVersions": "syngo MR E11",
    "MRAcquisitionType": "2D",
    "SeriesDescription": "Rest",
    "ProtocolName": "Rest",
    "ScanningSequence": "EP",
    "SequenceVariant": "SK\\SS",
    "ScanOptions": "FS",
    "SequenceName": "epfid2d1_104",
    "ImageType": [
        "ORIGINAL",
        "PRIMARY",
        "M",
        "MB",
        "ND",
        "NORM",
        "MOSAIC"
    ],
    "NonlinearGradientCorrection": false,
    "SeriesNumber": 5,
    "AcquisitionTime": "15:38:33.680000",
    "AcquisitionNumber": 1,
    "ImageComments": "Unaliased MB3/PE4",
    "SliceThickness": 2,
    "SpacingBetweenSlices": 2,
    "SAR": 0.111293,
    "EchoTime": 0.025,
    "RepetitionTime": 2,
    "FlipAngle": 90,
    "PartialFourier": 1,
    "BaseResolution": 104,
    "ShimSetting": [
        -5305,
        6750,
        9171,
        294,
        -1709,
        -2311,
        2411,
        834
    ],
    "TxRefAmp": 324.542,
    "PhaseResolution": 1,
    "ReceiveCoilName": "Head_32",
    "ReceiveCoilActiveElements": "HEA;HEP",
    "PulseSequenceDetails": "%CustomerSeq%\\cmrr_mbep2d_bold",
    "WipMemBlock": "6310214f-5048-4841-8ddb-9c4c9225f0fe||Sequence: R016 ve11c/master r/e634e98; Dec 19 2017 11:00:25 by eja",
    "RefLinesPE": 50,
    "CoilCombinationMethod": "Sum of Squares",
    "ConsistencyInfo": "N4_VE11C_LATEST_20160120",
    "MatrixCoilMode": "GRAPPA",
    "MultibandAccelerationFactor": 3,
    "PercentPhaseFOV": 100,
    "PercentSampling": 100,
    "EchoTrainLength": 51,
    "PhaseEncodingSteps": 103,
    "AcquisitionMatrixPE": 104,
    "ReconMatrixPE": 104,
    "BandwidthPerPixelPhaseEncode": 28.703,
    "ParallelReductionFactorInPlane": 2,
    "EffectiveEchoSpacing": 0.000334996,
    "DerivedVendorReportedEchoSpacing": 0.000669992,
    "TotalReadoutTime": 0.0345046,
    "PixelBandwidth": 1780,
    "DwellTime": 2.7e-06,
    "PhaseEncodingDirection": "j-",
    "SliceTiming": [
        0,
        0.9075,
        1.8125,
        0.7425,
        1.6475,
        0.5775,
        1.4825,
        0.4125,
        1.3175,
        0.2475,
        1.1525,
        0.0825,
        0.99,
        1.895,
        0.825,
        1.73,
        0.66,
        1.565,
        0.495,
        1.4,
        0.33,
        1.235,
        0.165,
        1.0725,
        0,
        0.9075,
        1.8125,
        0.7425,
        1.6475,
        0.5775,
        1.4825,
        0.4125,
        1.3175,
        0.2475,
        1.1525,
        0.0825,
        0.99,
        1.895,
        0.825,
        1.73,
        0.66,
        1.565,
        0.495,
        1.4,
        0.33,
        1.235,
        0.165,
        1.0725,
        0,
        0.9075,
        1.8125,
        0.7425,
        1.6475,
        0.5775,
        1.4825,
        0.4125,
        1.3175,
        0.2475,
        1.1525,
        0.0825,
        0.99,
        1.895,
        0.825,
        1.73,
        0.66,
        1.565,
        0.495,
        1.4,
        0.33,
        1.235,
        0.165,
        1.0725
    ],
    "ImageOrientationPatientDICOM": [
        0.999085,
        -0.0137657,
        0.0404872,
        0.027209,
        0.935035,
        -0.35351
    ],
    "ImageOrientationText": "Tra>Cor(-20.8)>Sag(1.9)",
    "InPlanePhaseEncodingDirectionDICOM": "COL",
    "ConversionSoftware": "dcm2niix",
    "ConversionSoftwareVersion": "v1.0.20220720",
    "Dcm2bidsVersion": "2.1.7",
    "TaskName": "rest"
}